GIT
  remote: git://github.com/cucumber/cucumber.git
  revision: b7d7e97b2f29b77f9f7da13f6458d85ce10fd019
  specs:
    cucumber (1.1.4)
      builder (>= 2.1.2)
      diff-lcs (>= 1.1.2)
      gherkin (~> 2.7.3)
      json (>= 1.4.6)
      term-ansicolor (>= 1.0.6)

GIT
  remote: git://github.com/rspec/rspec-expectations.git
  revision: 40f83a9d6b8820d57c2b2ecc20f193b1d1f55f71
  specs:
    rspec-expectations (2.8.0)
      diff-lcs (~> 1.1.3)

GEM
  remote: http://rubygems.org/
  remote: http://rubygems.org/
  specs:
    builder (3.0.0)
    chipmunk (5.3.4.5)
    chunky_png (1.2.5)
    devil (0.1.9.5)
    diff-lcs (1.1.3)
    gherkin (2.7.4)
      json (>= 1.4.6)
    gosu (0.7.41)
    hoe (2.12.5)
      rake (~> 0.8)
    json (1.6.5)
    opengl (0.7.0.pre1)
    rake (0.9.2.2)
    rake-compiler (0.8.0)
      rake
    rdoc (3.12)
      json (~> 1.4)
    term-ansicolor (1.0.7)
    texplay (0.4.2)
      gosu (>= 0.7.25)

PLATFORMS
  ruby

DEPENDENCIES
  chipmunk
  chunky_png
  cucumber!
  devil
  gosu
  hoe
  opengl
  rake-compiler
  rdoc
  rspec-expectations!
  texplay
