GEM
  remote: http://rubygems.org/
  remote: http://rubygems.org/
  specs:
    builder (3.0.0)
    chipmunk (5.3.4.5)
    cucumber (1.2.0)
      builder (>= 2.1.2)
      diff-lcs (>= 1.1.3)
      gherkin (~> 2.10.0)
      json (>= 1.4.6)
    diff-lcs (1.1.3)
    gherkin (2.10.0)
      json (>= 1.4.6)
    gherkin (2.10.0-x86-mingw32)
      json (>= 1.4.6)
    gosu (0.7.43)
    gosu (0.7.43-x86-mingw32)
    hoe (2.16.0)
      rake (~> 0.8)
    json (1.7.3)
    memoize (1.3.1)
    metaclass (0.0.1)
    mocha (0.11.4)
      metaclass (~> 0.0.1)
    multi_json (1.3.6)
    opengl (0.7.0.pre1)
    opengl (0.7.0.pre1-x86-mingw32)
    rake (0.9.2.2)
    rake-compiler (0.8.1)
      rake
    rdoc (3.12)
      json (~> 1.4)
    rspec-expectations (2.10.0)
      diff-lcs (~> 1.1.3)
    ruby-prof (0.11.2)
    ruby-prof (0.11.2-x86-mingw32)
    simplecov (0.6.4)
      multi_json (~> 1.0)
      simplecov-html (~> 0.5.3)
    simplecov-html (0.5.3)
    statemachine (2.0.1)

PLATFORMS
  ruby
  x86-mingw32

DEPENDENCIES
  chipmunk
  cucumber
  gosu
  hoe (= 2.16.0)
  memoize
  mocha
  opengl
  rake-compiler
  rdoc
  rspec-expectations
  ruby-prof
  simplecov
  statemachine
