GEM
  remote: http://rubygems.org/
  remote: http://rubygems.org/
  specs:
    builder (3.0.0)
    chipmunk (5.3.4.5)
    chipmunk (5.3.4.5-x86-mingw32)
    chunky_png (1.2.5)
    cucumber (1.1.9)
      builder (>= 2.1.2)
      diff-lcs (>= 1.1.2)
      gherkin (~> 2.9.0)
      json (>= 1.4.6)
      term-ansicolor (>= 1.0.6)
    devil (0.1.9.5)
    devil (0.1.9.5-x86-mingw32)
    diff-lcs (1.1.3)
    gherkin (2.9.0)
      json (>= 1.4.6)
    gherkin (2.9.0-x86-mingw32)
      json (>= 1.4.6)
    gosu (0.7.41)
    gosu (0.7.41-x86-mingw32)
    hoe (2.16.0)
      rake (~> 0.8)
    json (1.6.5)
    metaclass (0.0.1)
    mocha (0.10.5)
      metaclass (~> 0.0.1)
    multi_json (1.2.0)
    opengl (0.7.0.pre1)
    opengl (0.7.0.pre1-x86-mingw32)
    perftools.rb (2.0.0)
    rake (0.9.2.2)
    rake-compiler (0.8.0)
      rake
    rdoc (3.12)
      json (~> 1.4)
    rspec-expectations (2.8.0)
      diff-lcs (~> 1.1.2)
    ruby-prof (0.10.8)
    simplecov (0.6.1)
      multi_json (~> 1.0)
      simplecov-html (~> 0.5.3)
    simplecov-html (0.5.3)
    statemachine (2.0.1)
    term-ansicolor (1.0.7)
    texplay (0.4.2)
      gosu (>= 0.7.25)

PLATFORMS
  ruby
  x86-mingw32

DEPENDENCIES
  chipmunk
  chunky_png
  cucumber
  devil
  gosu
  hoe
  mocha
  opengl
  perftools.rb
  rake-compiler
  rdoc
  rspec-expectations
  ruby-prof
  simplecov
  statemachine
  texplay
