GEM
  remote: http://rubygems.org/
  remote: http://rubygems.org/
  specs:
    archive-tar-minitar (0.5.2)
    builder (3.0.0)
    chipmunk (5.3.4.5)
    chipmunk (5.3.4.5-x86-mingw32)
    chunky_png (1.2.5)
    columnize (0.3.6)
    cucumber (1.1.9)
      builder (>= 2.1.2)
      diff-lcs (>= 1.1.2)
      gherkin (~> 2.9.0)
      json (>= 1.4.6)
      term-ansicolor (>= 1.0.6)
    diff-lcs (1.1.3)
    gherkin (2.9.3)
      json (>= 1.4.6)
    gherkin (2.9.3-x86-mingw32)
      json (>= 1.4.6)
    gosu (0.7.43)
    gosu (0.7.43-x86-mingw32)
    hoe (2.16.0)
      rake (~> 0.8)
    json (1.6.6)
    linecache19 (0.5.12)
      ruby_core_source (>= 0.1.4)
    metaclass (0.0.1)
    mocha (0.10.5)
      metaclass (~> 0.0.1)
    multi_json (1.2.0)
    opengl (0.7.0.pre1)
    opengl (0.7.0.pre1-x86-mingw32)
    rake (0.9.2.2)
    rake-compiler (0.8.0)
      rake
    rdoc (3.12)
      json (~> 1.4)
    rspec-expectations (2.9.1)
      diff-lcs (~> 1.1.3)
    ruby-debug-base19 (0.11.25)
      columnize (>= 0.3.1)
      linecache19 (>= 0.5.11)
      ruby_core_source (>= 0.1.4)
    ruby-debug-base19x (0.11.29)
      columnize (>= 0.3.1)
      linecache19 (>= 0.5.11)
      rake (>= 0.8.1)
      ruby_core_source (>= 0.1.4)
    ruby-debug-ide (0.4.16)
      rake (>= 0.8.1)
    ruby-debug19 (0.11.6)
      columnize (>= 0.3.1)
      linecache19 (>= 0.5.11)
      ruby-debug-base19 (>= 0.11.19)
    ruby-prof (0.10.8)
    ruby_core_source (0.1.5)
      archive-tar-minitar (>= 0.5.2)
    simplecov (0.6.1)
      multi_json (~> 1.0)
      simplecov-html (~> 0.5.3)
    simplecov-html (0.5.3)
    statemachine (2.0.1)
    term-ansicolor (1.0.7)

PLATFORMS
  ruby
  x86-mingw32

DEPENDENCIES
  chipmunk
  chunky_png
  cucumber
  gosu
  hoe (= 2.16.0)
  linecache19
  mocha
  opengl
  rake-compiler
  rdoc
  rspec-expectations
  ruby-debug-base19
  ruby-debug-base19x
  ruby-debug-ide
  ruby-debug19
  ruby-prof
  simplecov
  statemachine
